PATH
  remote: .
  specs:
    ardour_git (0.1)
      git
      trollop

GEM
  remote: http://rubygems.org/
  specs:
    diff-lcs (1.1.3)
    git (1.2.5)
    rspec (2.9.0)
      rspec-core (~> 2.9.0)
      rspec-expectations (~> 2.9.0)
      rspec-mocks (~> 2.9.0)
    rspec-core (2.9.0)
    rspec-expectations (2.9.1)
      diff-lcs (~> 1.1.3)
    rspec-mocks (2.9.0)
    trollop (2.0)

PLATFORMS
  ruby

DEPENDENCIES
  ardour_git!
  rspec
